GEM
  remote: http://rubygems.org/
  specs:
    bson (1.7.0)
    daemons (1.1.9)
    erubis (2.7.0)
    eventmachine (1.0.0)
    file-tail (1.0.11)
      tins (~> 0.5.0)
    mongo (1.7.0)
      bson (~> 1.7.0)
    statsd (0.5.4)
      erubis (>= 2.6.6)
      eventmachine (>= 0.12.10)
      mongo (>= 1.2.4)
    tins (0.5.4)

PLATFORMS
  ruby

DEPENDENCIES
  daemons (~> 1.1.9)
  file-tail (~> 1.0.11)
  statsd (~> 0.5.4)
